PATH
  remote: .
  specs:
    hot_reloader (0.1.0)
      listen (~> 3.0)
      zeitwerk (~> 1.4)

GEM
  remote: https://rubygems.org/
  specs:
    ffi (1.10.0)
    listen (3.1.5)
      rb-fsevent (~> 0.9, >= 0.9.4)
      rb-inotify (~> 0.9, >= 0.9.7)
      ruby_dep (~> 1.2)
    rb-fsevent (0.10.3)
    rb-inotify (0.10.0)
      ffi (~> 1.0)
    ruby_dep (1.5.0)
    zeitwerk (1.4.0)

PLATFORMS
  ruby

DEPENDENCIES
  hot_reloader!

BUNDLED WITH
   2.0.1
